PATH
  remote: .
  specs:
    yotpo_kafka (0.0.0)
      activejob
      activesupport
      phobos (= 1.7.0)
      red_cross
      resque (>= 1.26)
      ruby-kafka (= 0.5.3)
      ylogger

GEM
  remote: https://rubygems.org/
  specs:
    activejob (4.2.10)
      activesupport (= 4.2.10)
      globalid (>= 0.3.0)
    activesupport (4.2.10)
      i18n (~> 0.7)
      minitest (~> 5.1)
      thread_safe (~> 0.3, >= 0.3.4)
      tzinfo (~> 1.1)
    analytics-ruby (2.2.5)
      commander (~> 4.4)
    commander (4.4.7)
      highline (~> 2.0.0)
    concurrent-ruby (1.1.4)
    concurrent-ruby-ext (1.1.4)
      concurrent-ruby (= 1.1.4)
    ethon (0.11.0)
      ffi (>= 1.3.0)
    exponential-backoff (0.0.2)
    ffi (1.9.25)
    globalid (0.4.0)
      activesupport (>= 4.2.0)
    highline (2.0.0)
    i18n (0.9.5)
      concurrent-ruby (~> 1.0)
    influxdb (0.5.2)
    little-plugger (1.1.4)
    logging (2.2.2)
      little-plugger (~> 1.1)
      multi_json (~> 1.10)
    logstash-event (1.2.02)
    logstash-logger (0.26.1)
      logstash-event (~> 1.2)
    minitest (5.11.3)
    mono_logger (1.1.0)
    multi_json (1.13.1)
    mustermann (1.0.3)
    phobos (1.7.0)
      activesupport (>= 3.0.0)
      concurrent-ruby (>= 1.0.2)
      concurrent-ruby-ext (>= 1.0.2)
      exponential-backoff
      logging
      ruby-kafka (>= 0.3.14)
      thor
    rack (2.0.6)
    rack-protection (2.0.5)
      rack
    red_cross (0.3.0)
      analytics-ruby (~> 2.2.2)
      influxdb (~> 0.5.0)
      resque (~> 1.25)
      typhoeus (~> 0.6.5)
    redis (4.1.0)
    redis-namespace (1.6.0)
      redis (>= 3.0.4)
    resque (1.27.4)
      mono_logger (~> 1.0)
      multi_json (~> 1.0)
      redis-namespace (~> 1.3)
      sinatra (>= 0.9.2)
      vegas (~> 0.1.2)
    ruby-kafka (0.5.3)
    sinatra (2.0.5)
      mustermann (~> 1.0)
      rack (~> 2.0)
      rack-protection (= 2.0.5)
      tilt (~> 2.0)
    thor (0.20.3)
    thread_safe (0.3.6)
    tilt (2.0.9)
    typhoeus (0.6.9)
      ethon (>= 0.7.1)
    tzinfo (1.2.5)
      thread_safe (~> 0.1)
    vegas (0.1.11)
      rack (>= 1.0.0)
    ylogger (0.1.2)
      logstash-logger (= 0.26.1)

PLATFORMS
  ruby

DEPENDENCIES
  yotpo_kafka!

BUNDLED WITH
   1.17.2
