PATH
  remote: .
  specs:
    yotpo_kafka (1.0.2)
      rake
      ruby-kafka (= 0.7.6)

GEM
  remote: https://rubygems.org/
  remote: https://yotpo.jfrog.io/yotpo/api/gems/gem-local/
  specs:
    diff-lcs (1.3)
    digest-crc (0.4.1)
    logstash-event (1.2.02)
    logstash-logger (0.26.1)
      logstash-event (~> 1.2)
    rake (12.3.2)
    rspec (3.8.0)
      rspec-core (~> 3.8.0)
      rspec-expectations (~> 3.8.0)
      rspec-mocks (~> 3.8.0)
    rspec-core (3.8.0)
      rspec-support (~> 3.8.0)
    rspec-expectations (3.8.2)
      diff-lcs (>= 1.2.0, < 2.0)
      rspec-support (~> 3.8.0)
    rspec-mocks (3.8.0)
      diff-lcs (>= 1.2.0, < 2.0)
      rspec-support (~> 3.8.0)
    rspec-support (3.8.0)
    ruby-kafka (0.7.6)
      digest-crc
    ylogger (0.1.0)
      logstash-logger

PLATFORMS
  ruby

DEPENDENCIES
  rspec
  ylogger (= 0.1.0)!
  yotpo_kafka!

BUNDLED WITH
   1.16.1
